GEM
  remote: https://rubygems.org/
  specs:
    activesupport (5.1.4)
      concurrent-ruby (~> 1.0, >= 1.0.2)
      i18n (~> 0.7)
      minitest (~> 5.1)
      tzinfo (~> 1.1)
    backports (3.11.0)
    builder (3.2.3)
    chronic (0.10.2)
    coderay (1.1.2)
    colorize (0.8.1)
    concurrent-ruby (1.0.5)
    cucumber (3.1.0)
      builder (>= 2.1.2)
      cucumber-core (~> 3.1.0)
      cucumber-expressions (~> 5.0.4)
      cucumber-wire (~> 0.0.1)
      diff-lcs (~> 1.3)
      gherkin (~> 5.0)
      multi_json (>= 1.7.5, < 2.0)
      multi_test (>= 0.1.2)
    cucumber-core (3.1.0)
      backports (>= 3.8.0)
      cucumber-tag_expressions (~> 1.1.0)
      gherkin (>= 5.0.0)
    cucumber-expressions (5.0.7)
    cucumber-tag_expressions (1.1.1)
    cucumber-wire (0.0.1)
    diff-lcs (1.3)
    domain_name (0.5.20170404)
      unf (>= 0.0.5, < 1.0.0)
    dotenv (2.2.1)
    factory_girl (4.5.0)
      activesupport (>= 3.0.0)
    forgery (0.6.0)
    gherkin (5.0.0)
    http-cookie (1.0.3)
      domain_name (~> 0.5)
    httpclient (2.8.3)
    i18n (0.9.1)
      concurrent-ruby (~> 1.0)
    json (2.1.0)
    jsonpath (0.8.11)
      multi_json
      to_regexp (~> 0.2.1)
    method_source (0.8.2)
    mime-types (2.99.3)
    minitest (5.11.1)
    multi_json (1.13.1)
    multi_test (0.1.2)
    netrc (0.11.0)
    parallel (1.12.1)
    parallel_tests (2.19.0)
      parallel
    pry (0.10.4)
      coderay (~> 1.1.0)
      method_source (~> 0.8.1)
      slop (~> 3.4)
    rake (10.4.2)
    require_all (1.3.3)
    rest-client (1.8.0)
      http-cookie (>= 1.0.2, < 2.0)
      mime-types (>= 1.16, < 3.0)
      netrc (~> 0.7)
    rspec-expectations (3.3.1)
      diff-lcs (>= 1.2.0, < 2.0)
      rspec-support (~> 3.3.0)
    rspec-support (3.3.0)
    rubysl-securerandom (2.0.0)
    slop (3.6.0)
    thread_safe (0.3.6)
    to_regexp (0.2.1)
    tzinfo (1.2.4)
      thread_safe (~> 0.1)
    unf (0.1.4)
      unf_ext
    unf_ext (0.0.7.4)

PLATFORMS
  ruby

DEPENDENCIES
  activesupport
  chronic
  colorize (~> 0.8.1)
  cucumber (~> 3.0)
  dotenv (~> 2.2, >= 2.2.1)
  factory_girl (~> 4.5.0)
  forgery (= 0.6.0)
  httpclient
  json
  jsonpath
  parallel_tests (~> 2.7)
  pry (~> 0.10.3)
  rake (~> 10.4.2)
  require_all (~> 1.3.3)
  rest-client (~> 1.8)
  rspec-expectations (~> 3.3.0)
  rubysl-securerandom (~> 2.0)

BUNDLED WITH
   1.14.6
